GEM
  remote: https://rubygems.org/
  specs:
    dotenv (0.10.0)
    faraday (0.9.0)
      multipart-post (>= 1.2, < 3)
    gcm (0.0.7)
      httparty
      json
    httparty (0.13.0)
      json (~> 1.8)
      multi_xml (>= 0.5.2)
    json (1.8.1)
    mini_portile (0.5.2)
    multi_xml (0.5.5)
    multipart-post (2.0.0)
    nokogiri (1.6.1)
      mini_portile (~> 0.5.0)
    rake (10.1.1)
    redis (3.0.7)
    redis-namespace (1.4.1)
      redis (~> 3.0.4)
    tapp (1.4.0)
      thor
    thor (0.18.1)

PLATFORMS
  ruby

DEPENDENCIES
  dotenv
  faraday
  gcm
  nokogiri
  rake
  redis-namespace
  tapp
