GEM
  remote: https://rubygems.org/
  specs:
    coderay (1.1.0)
    dotenv (0.10.0)
    faraday (0.9.0)
      multipart-post (>= 1.2, < 3)
    gcm (0.0.7)
      httparty
      json
    httparty (0.13.0)
      json (~> 1.8)
      multi_xml (>= 0.5.2)
    json (1.8.1)
    method_source (0.8.2)
    mini_portile (0.5.2)
    multi_xml (0.5.5)
    multipart-post (2.0.0)
    nokogiri (1.6.1)
      mini_portile (~> 0.5.0)
    pry (0.9.12.6)
      coderay (~> 1.0)
      method_source (~> 0.8)
      slop (~> 3.4)
    rake (10.1.1)
    redis (3.0.7)
    redis-namespace (1.4.1)
      redis (~> 3.0.4)
    slop (3.4.7)

PLATFORMS
  ruby

DEPENDENCIES
  dotenv
  faraday
  gcm
  nokogiri
  pry
  rake
  redis-namespace
